GEM
  remote: https://rubygems.org/
  specs:
    backports (3.3.5)
    diff-lcs (1.2.4)
    excon (0.29.0)
    faraday (0.8.8)
      multipart-post (~> 1.2.0)
    faraday_middleware (0.9.0)
      faraday (>= 0.7.4, < 0.9)
    faraday_middleware-multi_json (0.0.5)
      faraday_middleware
      multi_json
    hashie (2.0.5)
    multi_json (1.8.2)
    multipart-post (1.2.0)
    rack (1.5.2)
    rack-protection (1.5.1)
      rack
    rack-test (0.6.2)
      rack (>= 1.0)
    rspec (2.14.1)
      rspec-core (~> 2.14.0)
      rspec-expectations (~> 2.14.0)
      rspec-mocks (~> 2.14.0)
    rspec-core (2.14.4)
    rspec-expectations (2.14.0)
      diff-lcs (>= 1.1.3, < 2.0)
    rspec-mocks (2.14.1)
    sinatra (1.4.4)
      rack (~> 1.4)
      rack-protection (~> 1.4)
      tilt (~> 1.3, >= 1.3.4)
    sinatra-contrib (1.4.1)
      backports (>= 2.0)
      multi_json
      rack-protection
      rack-test
      sinatra (~> 1.4.0)
      tilt (~> 1.3)
    stretcher (1.21.1)
      excon (>= 0.16)
      faraday (~> 0.8)
      faraday_middleware (~> 0.9.0)
      faraday_middleware-multi_json (~> 0.0.5)
      hashie (>= 1.2.0)
      multi_json (>= 1.0)
    tilt (1.4.1)

PLATFORMS
  ruby

DEPENDENCIES
  faraday
  faraday_middleware
  faraday_middleware-multi_json
  rspec
  sinatra
  sinatra-contrib
  stretcher
